GEM
  remote: http://rubygems.org/
  specs:
    awesome_print (0.4.0)
    git (1.2.5)
    haml (3.1.4)
    httparty (0.8.1)
      multi_json
      multi_xml
    jeweler (1.6.4)
      bundler (~> 1.0)
      git (>= 1.2.5)
      rake
    json (1.5.3)
    multi_json (1.0.4)
    multi_xml (0.4.1)
    rack (1.3.5)
    rack-protection (1.1.4)
      rack
    rake (0.9.2.2)
    rcov (0.9.11)
    riot (0.12.5)
      rr
    rr (1.0.4)
    sinatra (1.3.1)
      rack (~> 1.3, >= 1.3.4)
      rack-protection (~> 1.1, >= 1.1.2)
      tilt (~> 1.3, >= 1.3.3)
    tilt (1.3.3)

PLATFORMS
  ruby

DEPENDENCIES
  awesome_print (~> 0.4.0)
  bundler (~> 1.0.0)
  haml
  httparty (~> 0.8.1)
  jeweler (~> 1.6.2)
  json (= 1.5.3)
  rcov
  riot (~> 0.12.4)
  sinatra
