GEM
  remote: http://rubygems.org/
  specs:
    ap (0.1.1)
      httparty (>= 0.7.7)
    awesome_print (0.4.0)
    crack (0.1.8)
    git (1.2.5)
    httparty (0.7.8)
      crack (= 0.1.8)
    jeweler (1.6.4)
      bundler (~> 1.0)
      git (>= 1.2.5)
      rake
    json (1.5.3)
    rack (1.3.5)
    rack-protection (1.1.4)
      rack
    rake (0.9.2)
    rcov (0.9.10)
    riot (0.12.5)
      rr
    rr (1.0.4)
    sinatra (1.3.1)
      rack (~> 1.3, >= 1.3.4)
      rack-protection (~> 1.1, >= 1.1.2)
      tilt (~> 1.3, >= 1.3.3)
    tilt (1.3.3)

PLATFORMS
  ruby

DEPENDENCIES
  ap
  awesome_print (~> 0.4.0)
  bundler (~> 1.0.0)
  httparty (~> 0.7.8)
  jeweler (~> 1.6.2)
  json (= 1.5.3)
  rcov
  riot (~> 0.12.4)
  sinatra
