GEM
  remote: http://rubygems.org/
  specs:
    awesome_print (0.4.0)
    crack (0.1.8)
    git (1.2.5)
    httparty (0.7.7)
      crack (= 0.1.8)
    jeweler (1.6.2)
      bundler (~> 1.0)
      git (>= 1.2.5)
      rake
    json (1.5.3)
    rake (0.9.2)
    rcov (0.9.9)
    riot (0.12.4)
      rr
    rr (1.0.2)

PLATFORMS
  ruby

DEPENDENCIES
  awesome_print (~> 0.4.0)
  bundler (~> 1.0.0)
  httparty (= 0.7.7)
  jeweler (~> 1.6.2)
  json (~> 1.5.3)
  rcov
  riot (~> 0.12.4)
